GEM
  remote: https://rubygems.org/
  specs:
    benchmark-ips (2.2.0)

PLATFORMS
  java
  ruby

DEPENDENCIES
  benchmark-ips

BUNDLED WITH
   1.10.3
